GIT
  remote: git://github.com/jlsync/fleximage.git
  revision: 3cb4ced6f0c75be7cc0a5ff003727610ff3b323f
  specs:
    tvdeyen-fleximage (1.0.9)
      rmagick

GIT
  remote: git://github.com/jlsync/jquery-rjs.git
  revision: 4241e82d009d2186f5d88b3f5aad3b1010d87c35
  specs:
    jquery-rjs (0.1.1)
      mocha
      rails (~> 3.2)

GIT
  remote: git://github.com/jlsync/prawn-fast-png.git
  revision: d412de96743f73dcefd05c215149d639460907b2
  specs:
    prawn-fast-png (0.2.3)
      prawn
      rmagick

GIT
  remote: git://github.com/jlsync/prawnto.git
  revision: 4034f22b555eda78473c5182bea66f982a0ab68b
  specs:
    prawnto_2 (0.1.2)
      prawn (>= 0.12.0)
      rails (>= 3.1)

GIT
  remote: git://github.com/jlsync/resources_controller.git
  revision: 9921cd028c821b1250298c384afc52a4db8d3e35
  specs:
    rc_rails (2.1.0)
      rails (>= 3.1.0)

GIT
  remote: git://github.com/kirillrdy/railroad3.git
  revision: 54ee4f46ec75746aca2b1d69555e3e2b9fd2cd91
  specs:
    railroad (0.5.0)

GIT
  remote: git://github.com/swanandp/acts_as_list.git
  revision: f62c43265f0e47fe7666a93849abad5aa7c5c6d3
  specs:
    acts_as_list (0.1.8)

GEM
  remote: https://rubygems.org/
  specs:
    Ascii85 (1.0.2)
    RedCloth (4.2.9)
    actionmailer (3.2.8)
      actionpack (= 3.2.8)
      mail (~> 2.4.4)
    actionpack (3.2.8)
      activemodel (= 3.2.8)
      activesupport (= 3.2.8)
      builder (~> 3.0.0)
      erubis (~> 2.7.0)
      journey (~> 1.0.4)
      rack (~> 1.4.0)
      rack-cache (~> 1.2)
      rack-test (~> 0.6.1)
      sprockets (~> 2.1.3)
    activemodel (3.2.8)
      activesupport (= 3.2.8)
      builder (~> 3.0.0)
    activerecord (3.2.8)
      activemodel (= 3.2.8)
      activesupport (= 3.2.8)
      arel (~> 3.0.2)
      tzinfo (~> 0.3.29)
    activeresource (3.2.8)
      activemodel (= 3.2.8)
      activesupport (= 3.2.8)
    activesupport (3.2.8)
      i18n (~> 0.6)
      multi_json (~> 1.0)
    acts_as_singleton (0.0.8)
      activerecord (>= 3.1.0)
    arel (3.0.2)
    authlogic (3.1.0)
      activerecord (>= 3.0.7)
      activerecord (>= 3.0.7)
    awesome_print (1.1.0)
    bcrypt-ruby (3.0.1)
    builder (3.0.3)
    chronic (0.8.0)
    coderay (1.0.7)
    coffee-rails (3.2.2)
      coffee-script (>= 2.2.0)
      railties (~> 3.2.0)
    coffee-script (2.2.0)
      coffee-script-source
      execjs
    coffee-script-source (1.3.3)
    commonjs (0.2.6)
    daemons (1.1.9)
    delayed_job (3.0.3)
      activesupport (~> 3.0)
    delayed_job_active_record (0.3.3)
      activerecord (>= 2.1.0, < 4)
      delayed_job (~> 3.0)
    dynamic_form (1.1.4)
    erubis (2.7.0)
    exception_notification (2.6.1)
      actionmailer (>= 3.0.4)
    execjs (1.4.0)
      multi_json (~> 1.0)
    faraday (0.8.4)
      multipart-post (~> 1.1)
    geocoder (1.1.3)
    gocardless (1.3.1)
      multi_json (~> 1.0)
      oauth2 (~> 0.7.1)
    haml (3.1.7)
    haml-rails (0.3.5)
      actionpack (>= 3.1, < 4.1)
      activesupport (>= 3.1, < 4.1)
      haml (~> 3.1)
      railties (>= 3.1, < 4.1)
    hashery (2.0.1)
    hike (1.2.1)
    httpauth (0.2.0)
    i18n (0.6.1)
    interactive_editor (0.0.10)
      spoon (>= 0.0.1)
    journey (1.0.4)
    jquery-rails (2.1.3)
      railties (>= 3.1.0, < 5.0)
      thor (~> 0.14)
    json (1.7.5)
    kaminari (0.14.1)
      actionpack (>= 3.0.0)
      activesupport (>= 3.0.0)
    less (2.2.2)
      commonjs (~> 0.2.6)
    less-rails (2.2.3)
      actionpack (>= 3.1)
      less (~> 2.2.0)
    less-rails-bootstrap (2.1.1)
      less-rails (~> 2.2.0)
    libv8 (3.3.10.4)
    mail (2.4.4)
      i18n (>= 0.4.0)
      mime-types (~> 1.16)
      treetop (~> 1.4.8)
    metaclass (0.0.1)
    method_source (0.8)
    mime-types (1.19)
    mocha (0.12.6)
      metaclass (~> 0.0.1)
    money (5.0.0)
      i18n (~> 0.4)
      json
    multi_json (1.3.6)
    multipart-post (1.1.5)
    newrelic_rpm (3.4.2.1)
    nodevent (3.1.2)
      redis (>= 2.0.0)
    oauth2 (0.7.1)
      faraday (~> 0.8)
      httpauth (~> 0.1)
      multi_json (~> 1.0)
      rack (~> 1.4)
    pdf-reader (1.2.0)
      Ascii85 (~> 1.0.0)
      hashery (~> 2.0)
      ruby-rc4
    pg (0.14.1)
    polyglot (0.3.3)
    prawn (0.12.0)
      pdf-reader (>= 0.9.0)
      ttfunk (~> 1.0.2)
    pry (0.9.10)
      coderay (~> 1.0.5)
      method_source (~> 0.8)
      slop (~> 3.3.1)
    pry-rails (0.2.2)
      pry (>= 0.9.10)
    rack (1.4.1)
    rack-cache (1.2)
      rack (>= 0.4)
    rack-ssl (1.3.2)
      rack
    rack-test (0.6.2)
      rack (>= 1.0)
    rails (3.2.8)
      actionmailer (= 3.2.8)
      actionpack (= 3.2.8)
      activerecord (= 3.2.8)
      activeresource (= 3.2.8)
      activesupport (= 3.2.8)
      bundler (~> 1.0)
      railties (= 3.2.8)
    rails_autolink (1.0.9)
      rails (~> 3.1)
    railties (3.2.8)
      actionpack (= 3.2.8)
      activesupport (= 3.2.8)
      rack-ssl (~> 1.3.2)
      rake (>= 0.8.7)
      rdoc (~> 3.4)
      thor (>= 0.14.6, < 2.0)
    rake (0.9.2.2)
    rdiscount (1.6.8)
    rdoc (3.12)
      json (~> 1.4)
    redis (3.0.1)
    rmagick (2.13.1)
    ruby-graphviz (1.0.8)
    ruby-rc4 (0.1.5)
    sass (3.2.1)
    sass-rails (3.2.5)
      railties (~> 3.2.0)
      sass (>= 3.1.10)
      tilt (~> 1.3)
    serialize_with_options (0.2.1)
      activerecord (~> 3.0)
    simple_form (2.0.3)
      actionpack (~> 3.0)
      activemodel (~> 3.0)
    slop (3.3.3)
    spoon (0.0.1)
    sprockets (2.1.3)
      hike (~> 1.2)
      rack (~> 1.0)
      tilt (~> 1.1, != 1.3.0)
    state_machine (1.1.2)
    therubyracer (0.10.2)
      libv8 (~> 3.3.10)
    thor (0.16.0)
    tilt (1.3.3)
    treetop (1.4.10)
      polyglot
      polyglot (>= 0.3.1)
    ttfunk (1.0.3)
    tzinfo (0.3.33)
    uglifier (1.3.0)
      execjs (>= 0.3.0)
      multi_json (~> 1.0, >= 1.0.2)
    wirble (0.1.3)

PLATFORMS
  ruby

DEPENDENCIES
  RedCloth
  acts_as_list!
  acts_as_singleton
  authlogic (= 3.1.0)
  awesome_print
  bcrypt-ruby
  chronic
  coffee-rails (~> 3.2.1)
  daemons
  delayed_job_active_record
  dynamic_form
  exception_notification
  geocoder
  gocardless
  haml
  haml-rails
  interactive_editor
  jquery-rails
  jquery-rjs!
  kaminari
  less-rails-bootstrap
  money
  newrelic_rpm
  nodevent
  pg
  prawn (= 0.12.0)
  prawn-fast-png!
  prawnto_2!
  pry-rails
  railroad!
  rails (= 3.2.8)
  rails_autolink
  rc_rails!
  rdiscount
  ruby-graphviz
  sass-rails (~> 3.2.3)
  serialize_with_options
  simple_form
  state_machine
  therubyracer
  tvdeyen-fleximage!
  uglifier (>= 1.0.3)
  wirble
